GEM
  remote: https://rubygems.org/
  specs:
    albino (1.3.3)
      posix-spawn (>= 0.3.6)
    posix-spawn (0.3.11)
    redcarpet (2.3)

PLATFORMS
  x64-mingw32

DEPENDENCIES
  albino (~> 1.3.3)
  redcarpet (~> 2.3)

BUNDLED WITH
   1.10.6
